PATH
  remote: .
  specs:
    rack-cms (0.0.1)
      activesupport (>= 3.0.0)
      redis (>= 2.0.13)
      sinatra (>= 1.0)

GEM
  remote: http://rubygems.org/
  specs:
    activesupport (3.0.1)
    builder (2.1.2)
    cucumber (0.9.3)
      builder (~> 2.1.2)
      diff-lcs (~> 1.1.2)
      gherkin (~> 2.2.9)
      json (~> 1.4.6)
      term-ansicolor (~> 1.0.5)
    diff-lcs (1.1.2)
    gherkin (2.2.9)
      json (~> 1.4.6)
      term-ansicolor (~> 1.0.5)
    json (1.4.6)
    nokogiri (1.4.3.1)
    rack (1.2.1)
    rack-test (0.5.6)
      rack (>= 1.0)
    rake (0.8.7)
    redis (2.0.13)
    rspec (1.3.1)
    sinatra (1.1.0)
      rack (~> 1.1)
      tilt (~> 1.1)
    term-ansicolor (1.0.5)
    tilt (1.1)
    webrat (0.7.2)
      nokogiri (>= 1.2.0)
      rack (>= 1.0)
      rack-test (>= 0.5.3)

PLATFORMS
  ruby

DEPENDENCIES
  activesupport (>= 3.0.0)
  bundler (>= 1.0.0)
  cucumber (>= 0.9.3)
  rack-cms!
  rake (>= 0.8.7)
  redis (>= 2.0.13)
  rspec (~> 1.3.0)
  sinatra (>= 1.0)
  webrat (>= 0.7.2)
